GEM
  remote: https://rubygems.org/
  specs:
    ffi (1.9.25)
    line-bot-api (1.3.0)
    mecab (0.996)
    mustermann (1.0.3)
    natto (1.1.1)
      ffi (>= 1.9.0)
    rack (2.0.6)
    rack-protection (2.0.5)
      rack
    sinatra (2.0.5)
      mustermann (~> 1.0)
      rack (~> 2.0)
      rack-protection (= 2.0.5)
      tilt (~> 2.0)
    tilt (2.0.9)

PLATFORMS
  ruby

DEPENDENCIES
  line-bot-api
  mecab (= 0.996)
  natto
  sinatra

BUNDLED WITH
   1.17.3
